GIT
  remote: git://github.com/dsaronin/refinerycms-blog
  revision: 8029e476c4b78aca90445ee035d2a842f637aca2
  branch: master
  specs:
    refinerycms-blog (1.1)
      filters_spam (~> 0.2)
      refinerycms (>= 0.9.8)

GIT
  remote: git://github.com/dsaronin/refinerycms-galleries
  revision: 652e038e32369b3b4c7ef9ae2b249b296024e13c
  branch: master
  specs:
    refinerycms-galleries (0.4)

GIT
  remote: git://github.com/dsaronin/refinerycms-news
  revision: ae8d54dcc4c95047e7474254f9e380195f55036f
  branch: master
  specs:
    refinerycms-news (1.0)
      refinerycms (~> 0.9.8)

GEM
  remote: http://rubygems.org/
  specs:
    abstract (1.0.0)
    actionmailer (3.0.3)
      actionpack (= 3.0.3)
      mail (~> 2.2.9)
    actionpack (3.0.3)
      activemodel (= 3.0.3)
      activesupport (= 3.0.3)
      builder (~> 2.1.2)
      erubis (~> 2.6.6)
      i18n (~> 0.4)
      rack (~> 1.2.1)
      rack-mount (~> 0.6.13)
      rack-test (~> 0.5.6)
      tzinfo (~> 0.3.23)
    activemodel (3.0.3)
      activesupport (= 3.0.3)
      builder (~> 2.1.2)
      i18n (~> 0.4)
    activerecord (3.0.3)
      activemodel (= 3.0.3)
      activesupport (= 3.0.3)
      arel (~> 2.0.2)
      tzinfo (~> 0.3.23)
    activeresource (3.0.3)
      activemodel (= 3.0.3)
      activesupport (= 3.0.3)
    activesupport (3.0.3)
    acts_as_indexed (0.6.6)
    arel (2.0.6)
    authlogic (2.1.6)
      activesupport
    aws-s3 (0.6.2)
      builder
      mime-types
      xml-simple
    babosa (0.2.0)
    builder (2.1.2)
    cgi_multipart_eof_fix (2.5.0)
    columnize (0.3.2)
    configuration (1.2.0)
    daemons (1.1.0)
    dragonfly (0.8.1)
      rack
    erubis (2.6.6)
      abstract (>= 1.0.0)
    fastthread (1.0.7)
    filters_spam (0.3)
    friendly_id (3.1.8)
      babosa (~> 0.2.0)
    gem_plugin (0.2.3)
    haml (3.0.22)
    heroku (1.17.10)
      json (~> 1.4.6)
      launchy (~> 0.3.2)
      rest-client (>= 1.4.0, < 1.7.0)
    i18n (0.5.0)
    json (1.4.6)
    launchy (0.3.7)
      configuration (>= 0.0.5)
      rake (>= 0.8.1)
    mail (2.2.14)
      activesupport (>= 2.3.6)
      i18n (>= 0.4.0)
      mime-types (~> 1.16)
      treetop (~> 1.4.8)
    mime-types (1.16)
    mongrel (1.1.5)
      cgi_multipart_eof_fix (>= 2.4)
      daemons (>= 1.0.3)
      fastthread (>= 1.0.1)
      gem_plugin (>= 0.2.3)
    moretea-awesome_nested_set (1.4.3.1)
      activerecord (~> 3.0.0)
    pg (0.10.0)
    polyglot (0.3.1)
    rack (1.2.1)
    rack-cache (0.5.3)
      rack (>= 0.4)
    rack-mount (0.6.13)
      rack (>= 1.0.0)
    rack-test (0.5.7)
      rack (>= 1.0)
    rails (3.0.3)
      actionmailer (= 3.0.3)
      actionpack (= 3.0.3)
      activerecord (= 3.0.3)
      activeresource (= 3.0.3)
      activesupport (= 3.0.3)
      bundler (~> 1.0)
      railties (= 3.0.3)
    railties (3.0.3)
      actionpack (= 3.0.3)
      activesupport (= 3.0.3)
      rake (>= 0.8.7)
      thor (~> 0.14.4)
    rake (0.8.7)
    rdoc (3.3)
    refinerycms (0.9.8.9)
      acts_as_indexed (~> 0.6.6)
      authlogic (~> 2.1.6)
      bundler (~> 1.0.0)
      dragonfly (~> 0.8.1)
      friendly_id (~> 3.1.6)
      moretea-awesome_nested_set (= 1.4.3.1)
      rack-cache (~> 0.5.2)
      rails (~> 3.0.3)
      rdoc (>= 2.5.11)
      truncate_html (= 0.4)
      will_paginate (~> 3.0.pre)
    refinerycms-i18n (0.9.8.12)
      refinerycms (>= 0.9.8)
      routing-filter (~> 0.1.6)
    refinerycms-inquiries (0.9.9.9)
      filters_spam (~> 0.2)
    rest-client (1.6.1)
      mime-types (>= 1.16)
    rmagick (2.12.2)
    routing-filter (0.1.7)
      actionpack
    sequel (3.17.0)
    sinatra (1.0)
      rack (>= 1.0)
    sqlite3 (1.3.3)
    sqlite3-ruby (1.3.3)
      sqlite3 (>= 1.3.3)
    taps (0.3.15)
      json (~> 1.4.6)
      rack (>= 1.0.1)
      rest-client (>= 1.4.0, < 1.7.0)
      sequel (~> 3.17.0)
      sinatra (~> 1.0.0)
      sqlite3-ruby (~> 1.2)
    thor (0.14.6)
    treetop (1.4.9)
      polyglot (>= 0.3.1)
    truncate_html (0.4.0)
    tzinfo (0.3.23)
    will_paginate (3.0.pre2)
    xml-simple (1.0.12)

PLATFORMS
  ruby

DEPENDENCIES
  authlogic
  aws-s3
  columnize
  haml
  heroku
  mail
  mongrel
  pg
  rails (= 3.0.3)
  refinerycms (= 0.9.8.9)
  refinerycms-blog!
  refinerycms-galleries!
  refinerycms-i18n (~> 0.9.8.9)
  refinerycms-inquiries (~> 0.9.9.2)
  refinerycms-news!
  rmagick (~> 2.12.0)
  taps
  thor
  tzinfo
